GEM
  remote: https://rubygems.org/
  specs:
    addressable (2.8.6)
      public_suffix (>= 2.0.2, < 6.0)
    json (2.6.3)
    launchy (2.5.2)
      addressable (~> 2.8)
    logger (1.6.0)
    public_suffix (5.0.4)
    websocket-driver (0.7.6)
      websocket-extensions (>= 0.1.0)
    websocket-extensions (0.1.5)

PLATFORMS
  ruby

DEPENDENCIES
  json
  launchy
  logger
  websocket-driver

BUNDLED WITH
   2.5.3
